PATH
  remote: .
  specs:
    xmpp2s (0.0.1)
      byebug
      libxml-ruby (~> 2.8.0)

GEM
  remote: https://rubygems.org/
  specs:
    byebug (6.0.2)
    libxml-ruby (2.8.0)
    rake (10.4.2)
    rdoc (4.1.0)

PLATFORMS
  ruby

DEPENDENCIES
  bundler (~> 1.7)
  rake (~> 10.0)
  rdoc
  xmpp2s!
